GEM
  remote: http://rubygems.org/
  specs:
    activesupport (3.1.1)
      multi_json (~> 1.0)
    curb (0.7.15)
    i18n (0.6.0)
    multi_json (1.0.3)
    multi_xml (0.4.1)
    nokogiri (1.5.0)
    share_checker (0.1.7)
      activesupport
      curb
      multi_json
      multi_xml
      nokogiri

PLATFORMS
  ruby

DEPENDENCIES
  i18n
  share_checker (= 0.1.7)
